PATH
  remote: .
  specs:
    redistimeseries (0.1.2)
      redis (~> 4)

GEM
  remote: https://rubygems.org/
  specs:
    ast (2.4.2)
    diff-lcs (1.5.0)
    jaro_winkler (1.5.4)
    parallel (1.22.1)
    parser (3.1.2.1)
      ast (~> 2.4.1)
    psych (4.0.6)
      stringio
    rainbow (3.1.1)
    rake (12.3.3)
    rdoc (6.4.0)
      psych (>= 4.0.0)
    redis (4.1.4)
    rexml (3.2.5)
    rspec (3.12.0)
      rspec-core (~> 3.12.0)
      rspec-expectations (~> 3.12.0)
      rspec-mocks (~> 3.12.0)
    rspec-core (3.12.0)
      rspec-support (~> 3.12.0)
    rspec-expectations (3.12.0)
      diff-lcs (>= 1.2.0, < 2.0)
      rspec-support (~> 3.12.0)
    rspec-mocks (3.12.0)
      diff-lcs (>= 1.2.0, < 2.0)
      rspec-support (~> 3.12.0)
    rspec-support (3.12.0)
    rubocop (0.82.0)
      jaro_winkler (~> 1.5.1)
      parallel (~> 1.10)
      parser (>= 2.7.0.1)
      rainbow (>= 2.2.2, < 4.0)
      rexml
      ruby-progressbar (~> 1.7)
      unicode-display_width (>= 1.4.0, < 2.0)
    ruby-progressbar (1.11.0)
    sdoc (2.4.0)
      rdoc (>= 5.0)
    stringio (3.0.2)
    unicode-display_width (1.8.0)

PLATFORMS
  ruby

DEPENDENCIES
  rake (~> 12.0)
  redis (~> 4.1.4)
  redistimeseries!
  rspec (~> 3.0)
  rubocop (~> 0.82.0)
  sdoc

BUNDLED WITH
   2.1.2
